GEM
  remote: http://rubygems.org/
  specs:
    libarchive (0.1.2)
    libarchive-ruby (0.0.3)
    rake (0.9.2)

PLATFORMS
  ruby

DEPENDENCIES
  libarchive
  libarchive-ruby
  rake
